GEM
  remote: http://rubygems.org/
  specs:
    backports (1.18.2)
    couchrest (1.0.1)
      json (>= 1.4.6)
      mime-types (>= 1.15)
      rest-client (>= 1.5.1)
    haml (3.0.25)
    json (1.5.1-x86-mingw32)
    mime-types (1.16)
    monkey-lib (0.5.4)
      backports
    rack (1.2.1)
    rest-client (1.6.1)
      mime-types (>= 1.16)
    sinatra (1.0)
      rack (>= 1.0)
    sinatra-advanced-routes (0.5.1)
      monkey-lib (~> 0.5.0)
      sinatra (~> 1.0)
      sinatra-sugar (~> 0.5.0)
    sinatra-reloader (0.5.0)
      sinatra (~> 1.0)
      sinatra-advanced-routes (~> 0.5.0)
    sinatra-sugar (0.5.0)
      monkey-lib (~> 0.5.0)
      sinatra (~> 1.0)

PLATFORMS
  x86-mingw32

DEPENDENCIES
  couchrest (>= 0.37)
  haml
  sinatra (= 1.0)
  sinatra-reloader
